PATH
  remote: .
  specs:
    myfc_cloud (0.0.1)
      aws-sdk (~> 1.6)
      gli (~> 1.6)

GEM
  remote: http://rubygems.org/
  specs:
    aws-sdk (1.6.0)
      httparty (~> 0.7)
      json (~> 1.4)
      nokogiri (>= 1.4.4)
      uuidtools (~> 2.1)
    diff-lcs (1.1.3)
    gli (1.6.0)
    httparty (0.8.3)
      multi_json (~> 1.0)
      multi_xml
    json (1.7.4)
    multi_json (1.3.6)
    multi_xml (0.5.1)
    nokogiri (1.5.5)
    rake (0.9.2.2)
    rdoc (3.12)
      json (~> 1.4)
    rspec (2.11.0)
      rspec-core (~> 2.11.0)
      rspec-expectations (~> 2.11.0)
      rspec-mocks (~> 2.11.0)
    rspec-core (2.11.1)
    rspec-expectations (2.11.2)
      diff-lcs (~> 1.1.3)
    rspec-mocks (2.11.1)
    uuidtools (2.1.3)

PLATFORMS
  ruby

DEPENDENCIES
  myfc_cloud!
  rake
  rdoc
  rspec (~> 2.11)
