PATH
  remote: .
  specs:
    myfc_cloud (0.0.1)
      awesome_print (~> 1.1.0)
      aws-sdk (~> 1.8.5)
      gli (~> 2.5.5)

GEM
  remote: https://rubygems.org/
  specs:
    awesome_print (1.1.0)
    aws-sdk (1.8.5)
      json (~> 1.4)
      nokogiri (>= 1.4.4)
      uuidtools (~> 2.1)
    coderay (1.0.9)
    colorize (0.5.8)
    coveralls (0.6.3)
      colorize
      multi_json (~> 1.3)
      rest-client
      simplecov (>= 0.7)
      thor
    diff-lcs (1.2.1)
    gli (2.5.5)
    json (1.7.7)
    method_source (0.8.1)
    mime-types (1.21)
    mini_portile2 (2.5.1)
    multi_json (1.7.1)
    nokogiri (1.11.4)
      mini_portile2 (~> 2.5.0)
      racc (~> 1.4)
    pry (0.9.12)
      coderay (~> 1.0.5)
      method_source (~> 0.8)
      slop (~> 3.4)
    pry-nav (0.2.3)
      pry (~> 0.9.10)
    racc (1.5.2)
    rake (10.0.3)
    rdoc (4.0.0)
      json (~> 1.4)
    rest-client (1.6.7)
      mime-types (>= 1.16)
    rspec (2.13.0)
      rspec-core (~> 2.13.0)
      rspec-expectations (~> 2.13.0)
      rspec-mocks (~> 2.13.0)
    rspec-core (2.13.1)
    rspec-expectations (2.13.0)
      diff-lcs (>= 1.1.3, < 2.0)
    rspec-mocks (2.13.0)
    simplecov (0.7.1)
      multi_json (~> 1.0)
      simplecov-html (~> 0.7.1)
    simplecov-html (0.7.1)
    slop (3.4.4)
    thor (0.17.0)
    uuidtools (2.1.3)

PLATFORMS
  ruby

DEPENDENCIES
  bundler (~> 1.3.2)
  coveralls (~> 0.6.3)
  myfc_cloud!
  pry (~> 0.9.12)
  pry-nav (~> 0.2.3)
  rake (~> 10.0.3)
  rdoc (~> 4.0.0)
  rspec (~> 2.13.0)
  simplecov (~> 0.7.1)
